GEM
  remote: https://rubygems.org/
  specs:
    stomp (1.4.4)

PLATFORMS
  ruby

DEPENDENCIES
  stomp

BUNDLED WITH
   1.15.1
